GEM
  remote: http://rubygems.org/
  specs:
    crack (0.1.8)
    fakeweb (1.3.0)
    git (1.2.5)
    jeweler (1.5.2)
      bundler (~> 1.0.0)
      git (>= 1.2.5)
      rake
    jnunemaker-matchy (0.4.0)
    mocha (0.9.10)
      rake
    nokogiri (1.4.4)
    oauth (0.3.6)
      ruby-hmac (>= 0.3.1)
    rake (0.8.7)
    ruby-hmac (0.4.0)
    shoulda (2.11.3)
    test-unit (2.1.2)

PLATFORMS
  ruby

DEPENDENCIES
  crack (>= 0.1.4)
  fakeweb (>= 1.2.5)
  jeweler
  jnunemaker-matchy (= 0.4.0)
  mocha
  nokogiri
  oauth (~> 0.3.5)
  rake
  shoulda
  test-unit
