GEM
  remote: http://rubygems.org/
  specs:
    columnize (0.3.2)
    crack (0.1.8)
    diff-lcs (1.1.2)
    fakeweb (1.3.0)
    git (1.2.5)
    jeweler (1.5.2)
      bundler (~> 1.0.0)
      git (>= 1.2.5)
      rake
    linecache (0.43)
    nokogiri (1.4.4)
    oauth (0.3.6)
      ruby-hmac (>= 0.3.1)
    rake (0.8.7)
    rspec (2.4.0)
      rspec-core (~> 2.4.0)
      rspec-expectations (~> 2.4.0)
      rspec-mocks (~> 2.4.0)
    rspec-core (2.4.0)
    rspec-expectations (2.4.0)
      diff-lcs (~> 1.1.2)
    rspec-mocks (2.4.0)
    ruby-debug (0.10.4)
      columnize (>= 0.1)
      ruby-debug-base (~> 0.10.4.0)
    ruby-debug-base (0.10.4)
      linecache (>= 0.3)
    ruby-hmac (0.4.0)

PLATFORMS
  ruby

DEPENDENCIES
  crack (>= 0.1.4)
  fakeweb (>= 1.2.5)
  jeweler
  nokogiri
  oauth (~> 0.3.5)
  rake
  rspec (~> 2.4.0)
  ruby-debug
